GEM
  remote: http://rubygems.org/
  specs:
    activesupport (3.0.3)
    columnize (0.3.2)
    i18n (0.5.0)
    linecache (0.43)
    mysql (2.8.1)
    rack (1.2.1)
    rack-test (0.5.7)
      rack (>= 1.0)
    racksh (0.9.8)
      rack (>= 1.0)
      rack-test (>= 0.5)
    ruby-debug (0.10.4)
      columnize (>= 0.1)
      ruby-debug-base (~> 0.10.4.0)
    ruby-debug-base (0.10.4)
      linecache (>= 0.3)
    sequel (3.19.0)
    sinatra (1.1.2)
      rack (~> 1.1)
      tilt (~> 1.2)
    tilt (1.2.1)

PLATFORMS
  ruby

DEPENDENCIES
  activesupport (= 3.0.3)
  i18n
  mysql
  racksh
  ruby-debug
  sequel
  sinatra
