GEM
  remote: http://rubygems.org/
  specs:
    activesupport (3.0.3)
    attic (0.5.3)
    builder (3.0.0)
    columnize (0.3.2)
    gibbler (0.8.9)
      attic (>= 0.4.0)
    haml (3.0.25)
    i18n (0.5.0)
    json (1.5.1)
    linecache (0.43)
    moneta (0.6.0)
    mysql2 (0.2.6)
    rack (1.2.1)
    rack-cache (1.0)
      rack (>= 0.4)
    rack-test (0.5.7)
      rack (>= 1.0)
    racksh (0.9.8)
      rack (>= 1.0)
      rack-test (>= 0.5)
    ruby-debug (0.10.4)
      columnize (>= 0.1)
      ruby-debug-base (~> 0.10.4.0)
    ruby-debug-base (0.10.4)
      linecache (>= 0.3)
    sequel (3.20.0)
    sinatra (1.1.3)
      rack (~> 1.1)
      tilt (>= 1.2.2, < 2.0)
    tilt (1.2.2)
    xattr (0.1)

PLATFORMS
  ruby

DEPENDENCIES
  activesupport (= 3.0.3)
  builder
  gibbler
  haml
  i18n
  json
  moneta
  mysql2
  rack-cache
  racksh
  ruby-debug
  sequel
  sinatra
  xattr
